GEM
  remote: http://rubygems.org/
  specs:
    diff-lcs (1.1.2)
    gemcutter (0.6.1)
    git (1.2.5)
    jeweler (1.4.0)
      gemcutter (>= 0.1.0)
      git (>= 1.2.5)
      rubyforge (>= 2.0.0)
    json_pure (1.4.6)
    oyster (0.9.4)
    packr (3.1.0)
      oyster
    rack (1.2.1)
    rack-test (0.5.6)
      rack (>= 1.0)
    rainpress (1.0)
    rspec (2.1.0)
      rspec-core (~> 2.1.0)
      rspec-expectations (~> 2.1.0)
      rspec-mocks (~> 2.1.0)
    rspec-core (2.1.0)
    rspec-expectations (2.1.0)
      diff-lcs (~> 1.1.2)
    rspec-mocks (2.1.0)
    rubyforge (2.0.4)
      json_pure (>= 1.1.7)
    sinatra (1.1.0)
      rack (~> 1.1)
      tilt (~> 1.1)
    tilt (1.1)
    yard (0.6.1)

PLATFORMS
  ruby

DEPENDENCIES
  jeweler
  packr
  rack (>= 1.0)
  rack-test (>= 0.5.3)
  rainpress
  rspec (>= 1.2.9)
  sinatra (~> 1.1.0)
  yard
