PATH
  remote: .
  specs:
    sinatra-bundles (0.5.2)
      packr (~> 3.1.0)
      rack (~> 1.0)
      rainpress (~> 1.0)
      sinatra (~> 1.0)

GEM
  remote: http://rubygems.org/
  specs:
    diff-lcs (1.1.3)
    oyster (0.9.5)
    packr (3.1.1)
      oyster (>= 0.9.5)
    rack (1.3.5)
    rack-protection (1.1.4)
      rack
    rack-test (0.6.1)
      rack (>= 1.0)
    rainpress (1.0)
    rake (0.9.2.2)
    require_relative (1.0.3)
    rspec (2.7.0)
      rspec-core (~> 2.7.0)
      rspec-expectations (~> 2.7.0)
      rspec-mocks (~> 2.7.0)
    rspec-core (2.7.1)
    rspec-expectations (2.7.0)
      diff-lcs (~> 1.1.2)
    rspec-mocks (2.7.0)
    sinatra (1.3.1)
      rack (~> 1.3, >= 1.3.4)
      rack-protection (~> 1.1, >= 1.1.2)
      tilt (~> 1.3, >= 1.3.3)
    tilt (1.3.3)
    yard (0.7.3)

PLATFORMS
  ruby

DEPENDENCIES
  rack-test (>= 0.5.3)
  rake
  require_relative
  rspec (~> 2.6)
  sinatra-bundles!
  yard
