PATH
  remote: .
  specs:
    sinatra-bundles (0.5.1)
      packr (~> 3.1.0)
      rack (~> 1.0)
      rainpress (~> 1.0)
      sinatra (~> 1.0)

GEM
  remote: http://rubygems.org/
  specs:
    columnize (0.3.3)
    diff-lcs (1.1.2)
    linecache (0.45)
    oyster (0.9.4)
    packr (3.1.0)
      oyster
    rack (1.3.0)
    rack-test (0.6.0)
      rack (>= 1.0)
    rainpress (1.0)
    rake (0.9.2)
    require_relative (1.0.2)
    rspec (2.6.0)
      rspec-core (~> 2.6.0)
      rspec-expectations (~> 2.6.0)
      rspec-mocks (~> 2.6.0)
    rspec-core (2.6.4)
    rspec-expectations (2.6.0)
      diff-lcs (~> 1.1.2)
    rspec-mocks (2.6.0)
    ruby-debug (0.10.4)
      columnize (>= 0.1)
      ruby-debug-base (~> 0.10.4.0)
    ruby-debug-base (0.10.4)
      linecache (>= 0.3)
    sinatra (1.2.6)
      rack (~> 1.1)
      tilt (< 2.0, >= 1.2.2)
    tilt (1.3.2)
    yard (0.7.2)

PLATFORMS
  ruby

DEPENDENCIES
  rack-test (>= 0.5.3)
  rake
  require_relative
  rspec (~> 2.6)
  ruby-debug
  sinatra-bundles!
  yard
