GEM
  remote: http://rubygems.org/
  specs:
    columnize (0.3.2)
    git (1.2.5)
    jeweler (1.5.1)
      bundler (~> 1.0.0)
      git (>= 1.2.5)
      rake
    linecache (0.43)
    oyster (0.9.4)
    packr (3.1.0)
      oyster
    rack (1.2.1)
    rack-test (0.5.6)
      rack (>= 1.0)
    rainpress (1.0)
    rake (0.8.7)
    rspec (1.3.1)
    ruby-debug (0.10.4)
      columnize (>= 0.1)
      ruby-debug-base (~> 0.10.4.0)
    ruby-debug-base (0.10.4)
      linecache (>= 0.3)
    sinatra (1.1.0)
      rack (~> 1.1)
      tilt (~> 1.1)
    tilt (1.1)
    yard (0.6.2)

PLATFORMS
  ruby

DEPENDENCIES
  jeweler
  packr
  rack (>= 1.0)
  rack-test (>= 0.5.3)
  rainpress
  rspec (~> 1.3.0)
  ruby-debug
  sinatra (~> 1.1.0)
  yard
