GEM
  remote: http://rubygems.org/
  specs:
    columnize (0.3.1)
    gemcutter (0.6.1)
    git (1.2.5)
    jeweler (1.4.0)
      gemcutter (>= 0.1.0)
      git (>= 1.2.5)
      rubyforge (>= 2.0.0)
    json_pure (1.4.5)
    linecache (0.43)
    oyster (0.9.4)
    packr (3.1.0)
      oyster
    rack (1.2.1)
    rack-test (0.5.4)
      rack (>= 1.0)
    rainpress (1.0)
    rspec (1.3.0)
    ruby-debug (0.10.3)
      columnize (>= 0.1)
      ruby-debug-base (~> 0.10.3.0)
    ruby-debug-base (0.10.3)
      linecache (>= 0.3)
    rubyforge (2.0.4)
      json_pure (>= 1.1.7)
    sinatra (1.0)
      rack (>= 1.0)
    yard (0.5.8)

PLATFORMS
  ruby

DEPENDENCIES
  jeweler
  packr
  rack (>= 1.0)
  rack-test (>= 0.5.3)
  rainpress
  rspec (>= 1.2.9)
  ruby-debug
  sinatra (>= 1.0)
  yard
