PATH
  remote: .
  specs:
    sinatra-bundles (0.5.0)
      packr (~> 3.1.0)
      rack (~> 1.0)
      rainpress (~> 1.0)
      sinatra (~> 1.1.0)

GEM
  remote: http://rubygems.org/
  specs:
    oyster (0.9.4)
    packr (3.1.0)
      oyster
    rack (1.2.1)
    rack-test (0.5.6)
      rack (>= 1.0)
    rainpress (1.0)
    rspec (1.3.1)
    sinatra (1.1.0)
      rack (~> 1.1)
      tilt (~> 1.1)
    tilt (1.1)
    yard (0.6.2)

PLATFORMS
  ruby

DEPENDENCIES
  packr (~> 3.1.0)
  rack (~> 1.0)
  rack-test (>= 0.5.3)
  rainpress (~> 1.0)
  rspec (~> 1.3.0)
  sinatra (~> 1.1.0)
  sinatra-bundles!
  yard
